PATH
  remote: .
  specs:
    entity_history (0.1.0)
      rails_event_store

GEM
  remote: https://rubygems.org/
  specs:
    activejob (7.0.8)
      activesupport (= 7.0.8)
      globalid (>= 0.3.6)
    activemodel (7.0.8)
      activesupport (= 7.0.8)
    activerecord (7.0.8)
      activemodel (= 7.0.8)
      activesupport (= 7.0.8)
    activesupport (7.0.8)
      concurrent-ruby (~> 1.0, >= 1.0.2)
      i18n (>= 1.6, < 2)
      minitest (>= 5.1)
      tzinfo (~> 2.0)
    aggregate_root (2.11.1)
      ruby_event_store (= 2.11.1)
    arkency-command_bus (0.4.1)
      concurrent-ruby
    ast (2.4.2)
    base64 (0.1.1)
    concurrent-ruby (1.2.2)
    diff-lcs (1.5.0)
    globalid (1.2.1)
      activesupport (>= 6.1)
    i18n (1.14.1)
      concurrent-ruby (~> 1.0)
    json (2.6.3)
    language_server-protocol (3.17.0.3)
    minitest (5.20.0)
    parallel (1.23.0)
    parser (3.2.2.4)
      ast (~> 2.4.1)
      racc
    racc (1.7.1)
    rack (2.2.8)
    rails_event_store (2.11.1)
      activejob (>= 6.0)
      activemodel (>= 6.0)
      activesupport (>= 6.0)
      aggregate_root (= 2.11.1)
      arkency-command_bus (>= 0.4)
      rails_event_store_active_record (= 2.11.1)
      ruby_event_store (= 2.11.1)
      ruby_event_store-browser (= 2.11.1)
    rails_event_store_active_record (2.11.1)
      ruby_event_store-active_record (= 2.11.1)
    rainbow (3.1.1)
    rake (13.0.6)
    regexp_parser (2.8.1)
    rexml (3.2.6)
    rspec (3.12.0)
      rspec-core (~> 3.12.0)
      rspec-expectations (~> 3.12.0)
      rspec-mocks (~> 3.12.0)
    rspec-core (3.12.2)
      rspec-support (~> 3.12.0)
    rspec-expectations (3.12.3)
      diff-lcs (>= 1.2.0, < 2.0)
      rspec-support (~> 3.12.0)
    rspec-mocks (3.12.6)
      diff-lcs (>= 1.2.0, < 2.0)
      rspec-support (~> 3.12.0)
    rspec-support (3.12.1)
    rubocop (1.56.4)
      base64 (~> 0.1.1)
      json (~> 2.3)
      language_server-protocol (>= 3.17.0)
      parallel (~> 1.10)
      parser (>= 3.2.2.3)
      rainbow (>= 2.2.2, < 4.0)
      regexp_parser (>= 1.8, < 3.0)
      rexml (>= 3.2.5, < 4.0)
      rubocop-ast (>= 1.28.1, < 2.0)
      ruby-progressbar (~> 1.7)
      unicode-display_width (>= 2.4.0, < 3.0)
    rubocop-ast (1.29.0)
      parser (>= 3.2.1.0)
    ruby-progressbar (1.13.0)
    ruby_event_store (2.11.1)
      concurrent-ruby (~> 1.0, >= 1.1.6)
    ruby_event_store-active_record (2.11.1)
      activerecord (>= 6.0)
      ruby_event_store (= 2.11.1)
    ruby_event_store-browser (2.11.1)
      rack
      ruby_event_store (= 2.11.1)
    tzinfo (2.0.6)
      concurrent-ruby (~> 1.0)
    unicode-display_width (2.5.0)

PLATFORMS
  arm64-darwin-22

DEPENDENCIES
  entity_history!
  rake (~> 13.0)
  rspec (~> 3.0)
  rubocop

BUNDLED WITH
   2.4.6
